GIT
  remote: git://github.com/guard/guard-livereload.git
  revision: 94db216d2a4ed7c3548c9368de9f2e9c4f1e6b2c
  branch: guard_1_1
  specs:
    guard-livereload (0.4.2)
      em-websocket (>= 0.2.0)
      guard (>= 0.10.0)
      multi_json (~> 1.0)

GEM
  remote: https://rubygems.org/
  specs:
    actionmailer (3.2.4)
      actionpack (= 3.2.4)
      mail (~> 2.4.4)
    actionpack (3.2.4)
      activemodel (= 3.2.4)
      activesupport (= 3.2.4)
      builder (~> 3.0.0)
      erubis (~> 2.7.0)
      journey (~> 1.0.1)
      rack (~> 1.4.0)
      rack-cache (~> 1.2)
      rack-test (~> 0.6.1)
      sprockets (~> 2.1.3)
    activemodel (3.2.4)
      activesupport (= 3.2.4)
      builder (~> 3.0.0)
    activerecord (3.2.4)
      activemodel (= 3.2.4)
      activesupport (= 3.2.4)
      arel (~> 3.0.2)
      tzinfo (~> 0.3.29)
    activeresource (3.2.4)
      activemodel (= 3.2.4)
      activesupport (= 3.2.4)
    activesupport (3.2.4)
      i18n (~> 0.6)
      multi_json (~> 1.0)
    addressable (2.2.8)
    anjlab-bootstrap-rails (2.0.3.2)
      railties (>= 3.0)
      sass
    arel (3.0.2)
    bcrypt-ruby (3.0.1)
    bourbon (2.1.0)
      sass (>= 3.1)
    builder (3.0.0)
    chunky_png (1.2.5)
    coffee-rails (3.2.2)
      coffee-script (>= 2.2.0)
      railties (~> 3.2.0)
    coffee-script (2.2.0)
      coffee-script-source
      execjs
    coffee-script-source (1.3.3)
    compass (0.12.1)
      chunky_png (~> 1.2)
      fssm (>= 0.2.7)
      sass (~> 3.1)
    compass-rails (1.0.1)
      compass (~> 0.12.0)
    daemons (1.1.8)
    devise (2.1.0)
      bcrypt-ruby (~> 3.0)
      orm_adapter (~> 0.0.7)
      railties (~> 3.1)
      warden (~> 1.1.1)
    em-websocket (0.3.6)
      addressable (>= 2.1.1)
      eventmachine (>= 0.12.9)
    erubis (2.7.0)
    eventmachine (0.12.10)
    execjs (1.4.0)
      multi_json (~> 1.0)
    ffi (1.0.11)
    fssm (0.2.9)
    guard (1.1.0.beta)
      listen (>= 0.4.2)
      thor (>= 0.14.6)
    hike (1.2.1)
    i18n (0.6.0)
    journey (1.0.3)
    jquery-rails (2.0.2)
      railties (>= 3.2.0, < 5.0)
      thor (~> 0.14)
    json (1.7.3)
    listen (0.4.2)
      rb-fchange (~> 0.0.5)
      rb-fsevent (~> 0.9.1)
      rb-inotify (~> 0.8.8)
    mail (2.4.4)
      i18n (>= 0.4.0)
      mime-types (~> 1.16)
      treetop (~> 1.4.8)
    mime-types (1.18)
    multi_json (1.3.6)
    orm_adapter (0.0.7)
    polyglot (0.3.3)
    quiet_assets (1.0.1)
      railties (~> 3.1)
    rack (1.4.1)
    rack-cache (1.2)
      rack (>= 0.4)
    rack-ssl (1.3.2)
      rack
    rack-test (0.6.1)
      rack (>= 1.0)
    rails (3.2.4)
      actionmailer (= 3.2.4)
      actionpack (= 3.2.4)
      activerecord (= 3.2.4)
      activeresource (= 3.2.4)
      activesupport (= 3.2.4)
      bundler (~> 1.0)
      railties (= 3.2.4)
    railties (3.2.4)
      actionpack (= 3.2.4)
      activesupport (= 3.2.4)
      rack-ssl (~> 1.3.2)
      rake (>= 0.8.7)
      rdoc (~> 3.4)
      thor (>= 0.14.6, < 2.0)
    rake (0.9.2.2)
    rb-fchange (0.0.5)
      ffi
    rb-fsevent (0.9.1)
    rb-inotify (0.8.8)
      ffi (>= 0.5.0)
    rdoc (3.12)
      json (~> 1.4)
    ruby_gntp (0.3.4)
    sass (3.2.0.alpha.244)
    sass-rails (3.2.5)
      railties (~> 3.2.0)
      sass (>= 3.1.10)
      tilt (~> 1.3)
    sextant (0.1.1)
      activesupport (>= 3.2)
      rails (>= 3.2)
    simple_form (2.0.2)
      actionpack (~> 3.0)
      activemodel (~> 3.0)
    slim (1.2.1)
      temple (~> 0.4.0)
      tilt (~> 1.3.3)
    sprockets (2.1.3)
      hike (~> 1.2)
      rack (~> 1.0)
      tilt (~> 1.1, != 1.3.0)
    sqlite3 (1.3.6)
    temple (0.4.0)
    thin (1.3.1)
      daemons (>= 1.0.9)
      eventmachine (>= 0.12.6)
      rack (>= 1.0.0)
    thor (0.15.2)
    tilt (1.3.3)
    treetop (1.4.10)
      polyglot
      polyglot (>= 0.3.1)
    tzinfo (0.3.33)
    uglifier (1.2.4)
      execjs (>= 0.3.0)
      multi_json (>= 1.0.2)
    warden (1.1.1)
      rack (>= 1.0)
    what_methods (1.0.1)
    wirble (0.1.3)
    yajl-ruby (1.1.0)

PLATFORMS
  ruby

DEPENDENCIES
  anjlab-bootstrap-rails
  bourbon
  coffee-rails (~> 3.2.2)
  compass-rails
  devise
  guard (~> 1.1.0.beta)
  guard-livereload!
  jquery-rails
  quiet_assets
  rails (= 3.2.4)
  ruby_gntp
  sass (~> 3.2.0.alpha)
  sass-rails (~> 3.2.5)
  sextant
  simple_form
  slim
  sqlite3
  thin
  uglifier (>= 1.2.4)
  what_methods
  wirble
  yajl-ruby
